GEM
  remote: https://rubygems.org/
  specs:
    adsf (1.2.0)
      rack (>= 1.0.0)
    allison (2.0.3)
    builder (3.2.2)
    colored (1.2)
    cri (2.6.1)
      colored (~> 1.2)
    echoe (4.6.6)
      allison (>= 2.0.3)
      rake (>= 0.9.2)
      rdoc (>= 2.5.11)
      rubyforge (>= 2.0.4)
    highline (1.6.21)
    json_pure (2.0.3)
    kramdown (1.3.3)
    nanoc (3.7.0)
      cri (~> 2.3)
    rack (1.5.2)
    rainpress (1.0)
    rake (13.0.1)
    rdoc (5.1.0)
    rubyforge (2.0.4)
      json_pure (>= 1.1.7)
    stringex (2.5.2)

PLATFORMS
  ruby
  x64-mingw32
  x86-mingw32

DEPENDENCIES
  adsf
  builder
  echoe
  highline
  kramdown
  nanoc
  rainpress
  stringex

BUNDLED WITH
   1.14.6
